GEM
  remote: https://rubygems.org/
  specs:
    haml (3.1.6)
    kpeg (0.10.0)
    uuidtools (2.1.3)

PLATFORMS
  ruby

DEPENDENCIES
  haml
  kpeg
  uuidtools
