GEM
  remote: https://rubygems.org/
  specs:
    haml (3.1.6)
    uuidtools (2.1.3)

PLATFORMS
  ruby

DEPENDENCIES
  haml
  uuidtools
